GIT
  remote: http://github.com/shanna/sinatra.git
  revision: cffcd77704b30a9d0fed161ecdac14ce5b7104a1
  branch: named_capture_routing
  specs:
    sinatra (1.3.0)
      rack (~> 1.2)
      tilt (~> 1.3)

GIT
  remote: http://github.com/shanna/swift.git
  revision: fd34ad7e0326537557b21ef584820f6acd53d293
  specs:
    swift (0.11.0)

GEM
  remote: http://rubygems.org/
  specs:
    ansi (1.2.5)
    chunky_png (1.2.0)
    compass (0.11.1)
      chunky_png (~> 1.1)
      fssm (>= 0.2.7)
      sass (~> 3.1)
    curb (0.7.15)
    flock (0.4.1)
    fssm (0.2.7)
    haml (3.1.1)
    json (1.5.1)
    kgio (2.4.1)
    moneta (0.6.0)
    nokogiri (1.4.4)
    rack (1.3.0)
    rdiscount (1.6.8)
    redis (2.2.0)
    redis-namespace (1.0.3)
      redis (< 3.0.0)
    resque (1.16.1)
      json (< 1.6, >= 1.4.6)
      redis-namespace (~> 1.0.2)
      sinatra (>= 0.9.2)
      vegas (~> 0.1.2)
    resque-lock (0.1.1)
    sass (3.1.1)
    tilt (1.3.1)
    unicorn (3.6.2)
      kgio (~> 2.3)
      rack
    uri-meta (0.9.4)
      curb (>= 0.5.4)
      moneta (>= 0.6.0)
    vegas (0.1.8)
      rack (>= 1.0.0)
    yajl-ruby (0.8.2)

PLATFORMS
  ruby

DEPENDENCIES
  ansi
  compass
  curb
  flock
  haml
  nokogiri
  rack
  rdiscount
  resque
  resque-lock
  sass
  sinatra!
  swift!
  unicorn
  uri-meta
  yajl-ruby
