GIT
  remote: http://github.com/shanna/sinatra.git
  revision: 2fa06bb6773da3a2e02b4e2af4de0bbd7bda1c18
  branch: named_capture_routing
  specs:
    sinatra (1.3.0)
      rack (~> 1.2)
      tilt (~> 1.3)

GIT
  remote: http://github.com/shanna/swift.git
  revision: 4cd1e54b4c8a38c919b845294af1d8b26b798084
  specs:
    swift (0.11.0)

GEM
  remote: http://rubygems.org/
  specs:
    addressable (2.2.6)
    ansi (1.3.0)
    chunky_png (1.2.0)
    compass (0.11.5)
      chunky_png (~> 1.2)
      fssm (>= 0.2.7)
      sass (~> 3.1)
    curb (0.7.15)
    domainatrix (0.0.10)
      addressable
    flock (0.4.1)
    fssm (0.2.7)
    haml (3.1.2)
    json (1.5.3)
    kgio (2.6.0)
    moneta (0.6.0)
    nokogiri (1.5.0)
    postrank-uri (1.0.15)
      addressable (>= 2.2.3)
      domainatrix
      nokogiri
    rack (1.3.1)
    raindrops (0.7.0)
    rdiscount (1.6.8)
    redis (2.2.1)
    redis-namespace (1.0.3)
      redis (< 3.0.0)
    resque (1.17.1)
      json (>= 1.4.6, < 1.6)
      redis-namespace (~> 1.0.2)
      sinatra (>= 0.9.2)
      vegas (~> 0.1.2)
    resque-lock (0.1.1)
    sass (3.1.4)
    tilt (1.3.2)
    unicorn (4.0.1)
      kgio (~> 2.4)
      rack
      raindrops (~> 0.6)
    uri-meta (0.11.0)
      curb (>= 0.5.4)
      moneta (>= 0.6.0)
    vegas (0.1.8)
      rack (>= 1.0.0)
    yajl-ruby (0.8.2)

PLATFORMS
  ruby

DEPENDENCIES
  addressable
  ansi
  compass
  curb
  flock
  haml
  nokogiri
  postrank-uri
  rack
  rdiscount
  resque
  resque-lock
  sass
  sinatra!
  swift!
  unicorn
  uri-meta
  yajl-ruby
