GIT
  remote: git://github.com/shanna/sinatra.git
  revision: 643889278e640a03c2c67837596685146391edcf
  branch: named_capture_routing
  specs:
    sinatra (1.1.1)
      rack (~> 1.1)
      tilt (~> 1.1)

GIT
  remote: git@github.com:stateless-systems/sinatra-auth.git
  revision: 01335d29319da98e466a0287d3c54988479c8e7b
  specs:
    sinatra-auth (0.1.0)

GEM
  remote: http://rubygems.org/
  specs:
    ansi (1.2.2)
    curb (0.7.10)
    feed_me (0.7.0)
      nokogiri
    haml (3.0.25)
    json (1.4.6)
    kgio (2.1.1)
    moneta (0.6.0)
    nokogiri (1.4.4)
    rack (1.2.1)
    rdiscount (1.6.8)
    redis (2.1.1)
    redis-namespace (0.8.0)
      redis (< 3.0.0)
    resque (1.12.0)
      json (~> 1.4.6)
      redis-namespace (~> 0.8.0)
      sinatra (>= 0.9.2)
      vegas (~> 0.1.2)
    resque-lock (0.1.1)
    swift (0.8.1)
    tilt (1.2.2)
    unicorn (3.3.1)
      kgio (~> 2.1)
      rack
    uri-meta (0.9.4)
      curb (>= 0.5.4)
      moneta (>= 0.6.0)
    vegas (0.1.8)
      rack (>= 1.0.0)
    yajl-ruby (0.8.0)

PLATFORMS
  ruby

DEPENDENCIES
  ansi
  curb
  feed_me
  haml
  nokogiri
  rack
  rdiscount
  resque
  resque-lock
  sinatra (= 1.1.1)!
  sinatra-auth (= 0.1.0)!
  swift
  unicorn
  uri-meta
  yajl-ruby
