GIT
  remote: http://github.com/shanna/sinatra.git
  revision: cffcd77704b30a9d0fed161ecdac14ce5b7104a1
  branch: named_capture_routing
  specs:
    sinatra (1.3.0)
      rack (~> 1.2)
      tilt (~> 1.3)

GIT
  remote: http://github.com/shanna/swift.git
  revision: d30e1b0bb35c5bf71bce486c32a9e5cdf8cd52a3
  branch: next
  specs:
    swift (0.10.0)

GEM
  remote: http://rubygems.org/
  specs:
    addressable (2.2.5)
    ansi (1.2.5)
    chunky_png (1.2.0)
    compass (0.11.1)
      chunky_png (~> 1.1)
      fssm (>= 0.2.7)
      sass (~> 3.1)
    curb (0.7.15)
    faraday (0.6.1)
      addressable (~> 2.2.4)
      multipart-post (~> 1.1.0)
      rack (>= 1.1.0, < 2)
    flock (0.4.1)
    fssm (0.2.7)
    haml (3.1.1)
    json (1.4.6)
    kgio (2.4.0)
    moneta (0.6.0)
    multi_json (1.0.1)
    multi_xml (0.2.2)
    multipart-post (1.1.0)
    nokogiri (1.4.4)
    oa-core (0.2.5)
    oa-oauth (0.2.5)
      faraday (~> 0.6.1)
      multi_json (~> 1.0.0)
      multi_xml (~> 0.2.2)
      oa-core (= 0.2.5)
      oauth (~> 0.4.0)
      oauth2 (~> 0.4.1)
    oa-openid (0.2.5)
      oa-core (= 0.2.5)
      rack-openid (~> 1.3.1)
      ruby-openid-apps-discovery (~> 1.2.0)
    oauth (0.4.4)
    oauth2 (0.4.1)
      faraday (~> 0.6.1)
      multi_json (>= 0.0.5)
    rack (1.2.2)
    rack-openid (1.3.1)
      rack (>= 1.1.0)
      ruby-openid (>= 2.1.8)
    rdiscount (1.6.8)
    redis (2.2.0)
    redis-namespace (0.10.0)
      redis (< 3.0.0)
    resque (1.15.0)
      json (~> 1.4.6)
      redis-namespace (>= 0.10.0)
      sinatra (>= 0.9.2)
      vegas (~> 0.1.2)
    resque-lock (0.1.1)
    ruby-openid (2.1.8)
    ruby-openid-apps-discovery (1.2.0)
      ruby-openid (>= 2.1.7)
    sass (3.1.1)
    tilt (1.3)
    unicorn (3.6.2)
      kgio (~> 2.3)
      rack
    uri-meta (0.9.4)
      curb (>= 0.5.4)
      moneta (>= 0.6.0)
    vegas (0.1.8)
      rack (>= 1.0.0)
    yajl-ruby (0.8.2)

PLATFORMS
  ruby

DEPENDENCIES
  ansi
  compass
  curb
  flock
  haml
  nokogiri
  oa-oauth
  oa-openid
  rack
  rdiscount
  resque
  resque-lock
  sass
  sinatra!
  swift!
  unicorn
  uri-meta
  yajl-ruby
