GEM
  remote: http://rubygems.org/
  specs:
    addressable (2.2.7)
    ansi (1.4.2)
    chunky_png (1.2.5)
    compass (0.12.1)
      chunky_png (~> 1.2)
      fssm (>= 0.2.7)
      sass (~> 3.1)
    curb (0.8.0)
    domainatrix (0.0.10)
      addressable
    flock (0.5.0)
    fssm (0.2.8.1)
    haml (3.1.4)
    kgio (2.7.4)
    nokogiri (1.5.2)
    oj (1.1.0)
    postrank-uri (1.0.15)
      addressable (>= 2.2.3)
      domainatrix
      nokogiri
    rack (1.4.1)
    rack-protection (1.2.0)
      rack
    raindrops (0.8.0)
    rdiscount (1.6.8)
    sass (3.1.15)
    sinatra (1.3.2)
      rack (~> 1.3, >= 1.3.6)
      rack-protection (~> 1.2)
      tilt (~> 1.3, >= 1.3.3)
    swift (0.14.0)
    tilt (1.3.3)
    unicorn (4.2.1)
      kgio (~> 2.6)
      rack
      raindrops (~> 0.7)

PLATFORMS
  ruby

DEPENDENCIES
  addressable
  ansi
  compass
  curb
  flock (>= 0.5.0)
  haml
  nokogiri
  oj
  postrank-uri
  rack
  rdiscount
  sass
  sinatra
  swift
  unicorn
